PATH
  remote: .
  specs:
    qwerty (0.0.1)

GEM
  remote: https://rubygems.org/
  specs:
    byebug (9.1.0)
    geocoder (1.4.4)

PLATFORMS
  ruby

DEPENDENCIES
  byebug
  geocoder
  qwerty!

BUNDLED WITH
   1.15.1
